PATH
  remote: .
  specs:
    show_for (0.3.0)
      actionpack (>= 3.2, < 5)
      activemodel (>= 3.2, < 5)

GEM
  remote: https://rubygems.org/
  specs:
    actionpack (4.0.4)
      activesupport (= 4.0.4)
      builder (~> 3.1.0)
      erubis (~> 2.7.0)
      rack (~> 1.5.2)
      rack-test (~> 0.6.2)
    activemodel (4.0.4)
      activesupport (= 4.0.4)
      builder (~> 3.1.0)
    activesupport (4.0.4)
      i18n (~> 0.6, >= 0.6.9)
      minitest (~> 4.2)
      multi_json (~> 1.3)
      thread_safe (~> 0.1)
      tzinfo (~> 0.3.37)
    atomic (1.1.16)
    builder (3.1.4)
    erubis (2.7.0)
    i18n (0.6.9)
    json (1.8.1)
    minitest (4.7.5)
    multi_json (1.9.0)
    rack (1.5.2)
    rack-test (0.6.2)
      rack (>= 1.0)
    railties (4.0.4)
      actionpack (= 4.0.4)
      activesupport (= 4.0.4)
      rake (>= 0.8.7)
      thor (>= 0.18.1, < 2.0)
    rake (10.1.1)
    rdoc (4.1.1)
      json (~> 1.4)
    thor (0.18.1)
    thread_safe (0.3.0)
      atomic (>= 1.1.7, < 2)
    tzinfo (0.3.39)

PLATFORMS
  ruby

DEPENDENCIES
  actionpack (~> 4.0.0)
  activemodel (~> 4.0.0)
  railties (~> 4.0.0)
  rake
  rdoc
  show_for!
